GEM
  remote: https://rubygems.org/
  specs:
    daemons (1.1.9)
    rack (1.6.0)
    rack-protection (1.5.1)
      rack
    sinatra (1.3.6)
      rack (~> 1.4)
      rack-protection (~> 1.3)
      tilt (~> 1.3, >= 1.3.3)
    tilt (1.4.1)

PLATFORMS
  ruby

DEPENDENCIES
  rack (~> 1.0)
  sinatra (~> 1.3)
